GEM
  remote: https://rubygems.org/
  specs:
    io-console (0.4.2)
    mysql2 (0.3.15)
    psych (2.0.3)

PLATFORMS
  ruby

DEPENDENCIES
  io-console
  mysql2
  psych
